GEM
  remote: https://rubygems.org/
  specs:
    actioncable (8.0.1)
      actionpack (= 8.0.1)
      activesupport (= 8.0.1)
      nio4r (~> 2.0)
      websocket-driver (>= 0.6.1)
      zeitwerk (~> 2.6)
    actionmailbox (8.0.1)
      actionpack (= 8.0.1)
      activejob (= 8.0.1)
      activerecord (= 8.0.1)
      activestorage (= 8.0.1)
      activesupport (= 8.0.1)
      mail (>= 2.8.0)
    actionmailer (8.0.1)
      actionpack (= 8.0.1)
      actionview (= 8.0.1)
      activejob (= 8.0.1)
      activesupport (= 8.0.1)
      mail (>= 2.8.0)
      rails-dom-testing (~> 2.2)
    actionpack (8.0.1)
      actionview (= 8.0.1)
      activesupport (= 8.0.1)
      nokogiri (>= 1.8.5)
      rack (>= 2.2.4)
      rack-session (>= 1.0.1)
      rack-test (>= 0.6.3)
      rails-dom-testing (~> 2.2)
      rails-html-sanitizer (~> 1.6)
      useragent (~> 0.16)
    actiontext (8.0.1)
      actionpack (= 8.0.1)
      activerecord (= 8.0.1)
      activestorage (= 8.0.1)
      activesupport (= 8.0.1)
      globalid (>= 0.6.0)
      nokogiri (>= 1.8.5)
    actionview (8.0.1)
      activesupport (= 8.0.1)
      builder (~> 3.1)
      erubi (~> 1.11)
      rails-dom-testing (~> 2.2)
      rails-html-sanitizer (~> 1.6)
    activejob (8.0.1)
      activesupport (= 8.0.1)
      globalid (>= 0.3.6)
    activemodel (8.0.1)
      activesupport (= 8.0.1)
    activerecord (8.0.1)
      activemodel (= 8.0.1)
      activesupport (= 8.0.1)
      timeout (>= 0.4.0)
    activestorage (8.0.1)
      actionpack (= 8.0.1)
      activejob (= 8.0.1)
      activerecord (= 8.0.1)
      activesupport (= 8.0.1)
      marcel (~> 1.0)
    activesupport (8.0.1)
      base64
      benchmark (>= 0.3)
      bigdecimal
      concurrent-ruby (~> 1.0, >= 1.3.1)
      connection_pool (>= 2.2.5)
      drb
      i18n (>= 1.6, < 2)
      logger (>= 1.4.2)
      minitest (>= 5.1)
      securerandom (>= 0.3)
      tzinfo (~> 2.0, >= 2.0.5)
      uri (>= 0.13.1)
    addressable (2.8.7)
      public_suffix (>= 2.0.2, < 7.0)
    base64 (0.2.0)
    bcrypt_pbkdf (1.1.1)
    bcrypt_pbkdf (1.1.1-arm64-darwin)
    bech32 (1.4.2)
      thor (>= 1.1.0)
    benchmark (0.4.0)
    bigdecimal (3.1.8)
    bindex (0.8.1)
    bootsnap (1.18.4)
      msgpack (~> 1.2)
    builder (3.3.0)
    capybara (3.40.0)
      addressable
      matrix
      mini_mime (>= 0.1.3)
      nokogiri (~> 1.11)
      rack (>= 1.6.0)
      rack-test (>= 0.6.3)
      regexp_parser (>= 1.5, < 3.0)
      xpath (~> 3.2)
    clockwork (3.0.2)
      activesupport
      tzinfo
    concurrent-ruby (1.3.4)
    connection_pool (2.4.1)
    contracted_value (0.1.3)
      contracts (~> 0.17)
      ice_nine
    contracts (0.17.2)
    crass (1.0.6)
    date (3.4.1)
    debug (1.9.2)
      irb (~> 1.10)
      reline (>= 0.3.8)
    dotenv (3.1.6)
    dotenv-rails (3.1.6)
      dotenv (= 3.1.6)
      railties (>= 6.1)
    drb (2.2.1)
    dry-configurable (1.2.0)
      dry-core (~> 1.0, < 2)
      zeitwerk (~> 2.6)
    dry-core (1.0.2)
      concurrent-ruby (~> 1.0)
      logger
      zeitwerk (~> 2.6)
    dry-inflector (1.1.0)
    dry-initializer (3.1.1)
    dry-logic (1.5.0)
      concurrent-ruby (~> 1.0)
      dry-core (~> 1.0, < 2)
      zeitwerk (~> 2.6)
    dry-schema (1.13.4)
      concurrent-ruby (~> 1.0)
      dry-configurable (~> 1.0, >= 1.0.1)
      dry-core (~> 1.0, < 2)
      dry-initializer (~> 3.0)
      dry-logic (>= 1.4, < 2)
      dry-types (>= 1.7, < 2)
      zeitwerk (~> 2.6)
    dry-struct (1.6.0)
      dry-core (~> 1.0, < 2)
      dry-types (>= 1.7, < 2)
      ice_nine (~> 0.11)
      zeitwerk (~> 2.6)
    dry-types (1.7.2)
      bigdecimal (~> 3.0)
      concurrent-ruby (~> 1.0)
      dry-core (~> 1.0)
      dry-inflector (~> 1.0)
      dry-logic (~> 1.4)
      zeitwerk (~> 2.6)
    dry-validation (1.10.0)
      concurrent-ruby (~> 1.0)
      dry-core (~> 1.0, < 2)
      dry-initializer (~> 3.0)
      dry-schema (>= 1.12, < 2)
      zeitwerk (~> 2.6)
    ed25519 (1.3.0)
    env_bang (1.0.0)
    env_bang-rails (1.0.0)
      env_bang (= 1.0.0)
    erubi (1.13.0)
    et-orbi (1.2.11)
      tzinfo
    faraday (2.12.2)
      faraday-net_http (>= 2.0, < 3.5)
      json
      logger
    faraday-net_http (3.4.0)
      net-http (>= 0.5.0)
    fugit (1.11.1)
      et-orbi (~> 1, >= 1.2.11)
      raabro (~> 1.4)
    globalid (1.2.1)
      activesupport (>= 6.1)
    good_job (3.99.1)
      activejob (>= 6.0.0)
      activerecord (>= 6.0.0)
      concurrent-ruby (>= 1.0.2)
      fugit (>= 1.1)
      railties (>= 6.0.0)
      thor (>= 0.14.1)
    google-protobuf (4.29.1-aarch64-linux)
      bigdecimal
      rake (>= 13)
    google-protobuf (4.29.1-arm64-darwin)
      bigdecimal
      rake (>= 13)
    google-protobuf (4.29.1-x86_64-linux)
      bigdecimal
      rake (>= 13)
    http-2 (1.0.2)
    httpx (1.3.4)
      http-2 (>= 1.0.0)
    i18n (1.14.6)
      concurrent-ruby (~> 1.0)
    ice_nine (0.11.2)
    io-console (0.8.0)
    irb (1.14.2)
      rdoc (>= 4.0.0)
      reline (>= 0.4.2)
    json (2.9.0)
    kamal (2.4.0)
      activesupport (>= 7.0)
      base64 (~> 0.2)
      bcrypt_pbkdf (~> 1.0)
      concurrent-ruby (~> 1.2)
      dotenv (~> 3.1)
      ed25519 (~> 1.2)
      net-ssh (~> 7.3)
      sshkit (>= 1.23.0, < 2.0)
      thor (~> 1.3)
      zeitwerk (>= 2.6.18, < 3.0)
    logger (1.6.3)
    loofah (2.23.1)
      crass (~> 1.0.2)
      nokogiri (>= 1.12.0)
    mail (2.8.1)
      mini_mime (>= 0.1.1)
      net-imap
      net-pop
      net-smtp
    marcel (1.0.4)
    marginalia (1.11.1)
      actionpack (>= 5.2)
      activerecord (>= 5.2)
    matrix (0.4.2)
    memo_wise (1.10.0)
    mini_mime (1.1.5)
    minitest (5.25.4)
    msgpack (1.7.5)
    net-http (0.6.0)
      uri
    net-imap (0.5.2)
      date
      net-protocol
    net-pop (0.1.2)
      net-protocol
    net-protocol (0.2.2)
      timeout
    net-scp (4.0.0)
      net-ssh (>= 2.6.5, < 8.0.0)
    net-sftp (4.0.0)
      net-ssh (>= 5.0.0, < 8.0.0)
    net-smtp (0.5.0)
      net-protocol
    net-ssh (7.3.0)
    nio4r (2.7.4)
    nokogiri (1.17.2-aarch64-linux)
      racc (~> 1.4)
    nokogiri (1.17.2-arm64-darwin)
      racc (~> 1.4)
    nokogiri (1.17.2-x86_64-linux)
      racc (~> 1.4)
    oj (3.16.8)
      bigdecimal (>= 3.0)
      ostruct (>= 0.2)
    ostruct (0.6.1)
    parallel (1.26.3)
    pg (1.5.9)
    pg_query (6.0.0)
      google-protobuf (>= 3.25.3)
    pghero (3.6.1)
      activerecord (>= 6.1)
    psych (5.2.1)
      date
      stringio
    public_suffix (6.0.1)
    puma (6.5.0)
      nio4r (~> 2.0)
    raabro (1.4.0)
    racc (1.8.1)
    rack (3.1.8)
    rack-cors (2.0.2)
      rack (>= 2.0.0)
    rack-session (2.0.0)
      rack (>= 3.0.0)
    rack-test (2.1.0)
      rack (>= 1.3)
    rackup (2.2.1)
      rack (>= 3)
    rails (8.0.1)
      actioncable (= 8.0.1)
      actionmailbox (= 8.0.1)
      actionmailer (= 8.0.1)
      actionpack (= 8.0.1)
      actiontext (= 8.0.1)
      actionview (= 8.0.1)
      activejob (= 8.0.1)
      activemodel (= 8.0.1)
      activerecord (= 8.0.1)
      activestorage (= 8.0.1)
      activesupport (= 8.0.1)
      bundler (>= 1.15.0)
      railties (= 8.0.1)
    rails-dom-testing (2.2.0)
      activesupport (>= 5.0.0)
      minitest
      nokogiri (>= 1.6)
    rails-html-sanitizer (1.6.2)
      loofah (~> 2.21)
      nokogiri (>= 1.15.7, != 1.16.7, != 1.16.6, != 1.16.5, != 1.16.4, != 1.16.3, != 1.16.2, != 1.16.1, != 1.16.0.rc1, != 1.16.0)
    railties (8.0.1)
      actionpack (= 8.0.1)
      activesupport (= 8.0.1)
      irb (~> 1.13)
      rackup (>= 1.0.0)
      rake (>= 12.2)
      thor (~> 1.0, >= 1.2.2)
      zeitwerk (~> 2.6)
    rake (13.2.1)
    rdoc (6.9.1)
      psych (>= 4.0.0)
    regexp_parser (2.9.3)
    reline (0.6.0)
      io-console (~> 0.5)
    rexml (3.4.0)
    rubyzip (2.3.2)
    securerandom (0.4.1)
    selenium-webdriver (4.27.0)
      base64 (~> 0.2)
      logger (~> 1.4)
      rexml (~> 3.2, >= 3.2.5)
      rubyzip (>= 1.2.2, < 3.0)
      websocket (~> 1.0)
    sequel (5.87.0)
      bigdecimal
    sequel-annotate (1.7.0)
      sequel (>= 4)
    sequel-batches (2.0.3)
      sequel
    sequel-rails (1.2.3)
      actionpack (>= 4.0.0)
      activemodel (>= 4.0.0)
      railties (>= 4.0.0)
      sequel (>= 3.28, < 6.0)
    sprockets (4.2.1)
      concurrent-ruby (~> 1.0)
      rack (>= 2.2.4, < 4)
    sprockets-rails (3.5.2)
      actionpack (>= 6.1)
      activesupport (>= 6.1)
      sprockets (>= 3.0.0)
    sshkit (1.23.2)
      base64
      net-scp (>= 1.1.2)
      net-sftp (>= 2.1.2)
      net-ssh (>= 2.8.0)
      ostruct
    stringio (3.1.2)
    thor (1.3.2)
    timeout (0.4.3)
    turbostreamer (1.11.0)
      activesupport (>= 5.0.0)
    tzinfo (2.0.6)
      concurrent-ruby (~> 1.0)
    uri (1.0.2)
    useragent (0.16.11)
    web-console (4.2.1)
      actionview (>= 6.0.0)
      activemodel (>= 6.0.0)
      bindex (>= 0.4.0)
      railties (>= 6.0.0)
    websocket (1.2.11)
    websocket-driver (0.7.6)
      websocket-extensions (>= 0.1.0)
    websocket-extensions (0.1.5)
    xpath (3.2.0)
      nokogiri (~> 1.8)
    zeitwerk (2.7.1)

PLATFORMS
  aarch64-linux
  arm64-darwin-21
  arm64-darwin-22
  x86_64-linux

DEPENDENCIES
  bech32
  bootsnap
  capybara
  clockwork
  contracted_value (>= 0.1.3)
  contracts (>= 0.17.0)
  debug
  dotenv-rails
  dry-schema
  dry-struct
  dry-types
  dry-validation
  env_bang-rails (>= 1.0.0)
  faraday (>= 2.0.1)
  good_job (~> 3.29)
  httpx (>= 1.0.2)
  kamal (~> 2.3)
  marginalia (>= 1.5.0)
  memo_wise (>= 1.7.0)
  oj (>= 3.14.3)
  parallel (>= 1.23.0)
  pg (~> 1.5)
  pg_query (>= 2)
  pghero (>= 3.3.4)
  puma (>= 5.0)
  rack-cors
  rails (~> 8.0.0)
  selenium-webdriver
  sequel (>= 5.73.0)
  sequel-annotate (>= 1.7.0)
  sequel-batches (>= 2.0.2)
  sequel-rails (>= 1.2.1)
  sprockets (~> 4.0)
  sprockets-rails (>= 3.4.2)
  turbostreamer (>= 1.3.0)
  tzinfo-data
  web-console

RUBY VERSION
   ruby 3.3.1p55

BUNDLED WITH
   2.6.0
